GEM
  remote: https://rubygems.org/
  specs:
    bson (4.5.0)
    mongo (2.10.0)
      bson (>= 4.4.2, < 5.0.0)
    mustermann (1.0.3)
    nio4r (2.5.2)
    puma (5.6.4)
      nio4r (~> 2.0)
    rack (2.2.3.1)
    rack-protection (2.2.0)
      rack
    sinatra (2.2.0)
      mustermann (~> 1.0)
      rack (~> 2.2)
      rack-protection (= 2.2.0)
      tilt (~> 2.0)
    tilt (2.0.10)

PLATFORMS
  x86_64-linux

DEPENDENCIES
  mongo
  puma
  sinatra

BUNDLED WITH
   2.2.3
